PATH
  remote: ../upnp
  specs:
    upnp (0.0.1)
      em-http-request (>= 1.0.2)
      em-synchrony
      em-websocket (>= 0.3.6)
      eventmachine (>= 1.0.0)
      log_switch (>= 0.1.4)
      nori (>= 1.0.2)
      savon (>= 1.0.0)
      thin

GEM
  remote: http://rubygems.org/
  specs:
    addressable (2.3.2)
    akami (1.2.0)
      gyoku (>= 0.4.0)
      nokogiri (>= 1.4.0)
    builder (3.1.3)
    cookiejar (0.3.0)
    daemons (1.1.9)
    em-http-request (1.0.3)
      addressable (>= 2.2.3)
      cookiejar
      em-socksify
      eventmachine (>= 1.0.0.beta.4)
      http_parser.rb (>= 0.5.3)
    em-socksify (0.2.1)
      eventmachine (>= 1.0.0.beta.4)
    em-synchrony (1.0.2)
      eventmachine (>= 1.0.0.beta.1)
    em-websocket (0.3.8)
      addressable (>= 2.1.1)
      eventmachine (>= 0.12.9)
    eventmachine (1.0.0)
    gyoku (0.4.6)
      builder (>= 2.1.2)
    haml (3.1.7)
    http_parser.rb (0.5.3)
    httpi (1.1.1)
      rack
    log_switch (0.3.0)
    nokogiri (1.5.5)
    nori (1.1.3)
    rack (1.4.1)
    rack-protection (1.2.0)
      rack
    savon (1.2.0)
      akami (~> 1.2.0)
      builder (>= 2.1.2)
      gyoku (~> 0.4.5)
      httpi (~> 1.1.0)
      nokogiri (>= 1.4.0)
      nori (~> 1.1.0)
      wasabi (~> 2.5.0)
    sinatra (1.3.3)
      rack (~> 1.3, >= 1.3.6)
      rack-protection (~> 1.2)
      tilt (~> 1.3, >= 1.3.3)
    thin (1.5.0)
      daemons (>= 1.0.9)
      eventmachine (>= 0.12.6)
      rack (>= 1.0.0)
    tilt (1.3.3)
    wasabi (2.5.1)
      httpi (~> 1.0)
      nokogiri (>= 1.4.0)

PLATFORMS
  ruby

DEPENDENCIES
  haml
  sinatra
  upnp!
